GEM
  remote: https://rubygems.org/
  specs:
    digest (0.0.1)
    firebase (0.2.4)
      httpclient
      json
    httpclient (2.6.0.1)
    json (1.8.3)
    mini_portile (0.6.2)
    nokogiri (1.6.6.2)
      mini_portile (~> 0.6.0)
    rack (1.6.4)
    rack-protection (1.5.3)
      rack
    sinatra (1.4.6)
      rack (~> 1.4)
      rack-protection (~> 1.4)
      tilt (>= 1.3, < 3)
    tilt (2.0.1)

PLATFORMS
  ruby

DEPENDENCIES
  digest
  firebase
  json
  nokogiri
  sinatra
